GEM
  remote: https://rubygems.org/
  specs:
    daemons (1.1.9)
    em-websocket (0.5.1)
      eventmachine (>= 0.12.9)
      http_parser.rb (~> 0.6.0)
    eventmachine (1.0.5)
    ffi (1.9.6)
    http_parser.rb (0.6.0)
    json (1.8.1)
    rack (1.6.0)
    rumouse (0.0.6)
      ffi (~> 1.9.3)
    thin (1.6.3)
      daemons (~> 1.0, >= 1.0.9)
      eventmachine (~> 1.0)
      rack (~> 1.0)

PLATFORMS
  ruby

DEPENDENCIES
  em-websocket
  eventmachine
  json
  rack
  rumouse
  thin
