GEM
  remote: https://rubygems.org/
  specs:
    em-websocket (0.5.1)
      eventmachine (>= 0.12.9)
      http_parser.rb (~> 0.6.0)
    eventmachine (1.0.5)
    eventmachine_httpserver (0.2.1)
    ffi (1.9.6)
    http_parser.rb (0.6.0)
    json (1.8.1)
    posix-spawn (0.3.9)
    rumouse (0.0.6)
      ffi (~> 1.9.3)
    websocket (1.2.1)
    websocket-eventmachine-base (1.1.0)
      eventmachine (~> 1.0)
      websocket (~> 1.0)
      websocket-native (~> 1.0)
    websocket-eventmachine-client (1.1.0)
      websocket-eventmachine-base (~> 1.0)
    websocket-native (1.0.0)

PLATFORMS
  ruby

DEPENDENCIES
  em-websocket
  eventmachine
  eventmachine_httpserver
  json
  posix-spawn
  rumouse
  websocket-eventmachine-client
