GEM
  remote: https://rubygems.org/
  specs:
    em-websocket (0.5.1)
      eventmachine (>= 0.12.9)
      http_parser.rb (~> 0.6.0)
    eventmachine (1.0.5)
    eventmachine_httpserver (0.2.1)
    ffi (1.9.6)
    http_parser.rb (0.6.0)
    json (1.8.1)
    rumouse (0.0.6)
      ffi (~> 1.9.3)

PLATFORMS
  ruby

DEPENDENCIES
  em-websocket
  eventmachine
  eventmachine_httpserver
  json
  rumouse
